GEM
  remote: https://rubygems.org/
  specs:
    addressable (2.8.1)
      public_suffix (>= 2.0.2, < 6.0)
    chef-config (17.10.0)
      addressable
      chef-utils (= 17.10.0)
      fuzzyurl
      mixlib-config (>= 2.2.12, < 4.0)
      mixlib-shellout (>= 2.0, < 4.0)
      tomlrb (~> 1.2)
    chef-utils (17.10.0)
      concurrent-ruby
    concurrent-ruby (1.1.10)
    faraday (2.5.2)
      faraday-net_http (>= 2.0, < 3.1)
      ruby2_keywords (>= 0.0.4)
    faraday-net_http (3.0.0)
    ffi (1.15.5)
    ffi-yajl (2.4.0)
      libyajl2 (>= 1.2)
    fuzzyurl (0.9.0)
    ipaddress (0.8.3)
    json (2.6.2)
    libyajl2 (2.1.0)
    mixlib-cli (2.1.8)
    mixlib-config (3.0.27)
      tomlrb
    mixlib-log (3.0.9)
    mixlib-shellout (3.2.7)
      chef-utils
    net-scp (3.0.0)
      net-ssh (>= 2.6.5, < 7.0.0)
    net-ssh (6.1.0)
    ohai (18.0.14)
      chef-config (>= 14.12, < 19)
      chef-utils (>= 16.0, < 19)
      ffi (~> 1.9)
      ffi-yajl (~> 2.2)
      ipaddress
      mixlib-cli (>= 1.7.0)
      mixlib-config (>= 2.0, < 4.0)
      mixlib-log (>= 2.0.1, < 4.0)
      mixlib-shellout (~> 3.2, >= 3.2.5)
      plist (~> 3.1)
      train-core
      wmi-lite (~> 1.0)
    plist (3.6.0)
    public_suffix (5.0.0)
    ruby2_keywords (0.0.5)
    tomlrb (1.3.0)
    train-core (3.10.1)
      addressable (~> 2.5)
      ffi (!= 1.13.0)
      json (>= 1.8, < 3.0)
      mixlib-shellout (>= 2.0, < 4.0)
      net-scp (>= 1.2, < 4.0)
      net-ssh (>= 2.9, < 7.0)
    wmi-lite (1.0.7)

PLATFORMS
  x86_64-linux

DEPENDENCIES
  faraday
  ohai

BUNDLED WITH
   2.3.22
